GEM
  remote: https://rubygems.org/
  specs:
    buftok (0.2.0)
    em-twitter (0.3.5)
      buftok (~> 0.2)
      eventmachine (~> 1.0)
      http_parser.rb (~> 0.6)
      simple_oauth (~> 0.2)
    eventmachine (1.0.4)
    http_parser.rb (0.6.0)
    json (1.8.2)
    net-http-persistent (2.9.4)
    pubnub (3.7.0)
      eventmachine (~> 1.0)
      json (~> 1.8)
      net-http-persistent (~> 2.9)
    simple_oauth (0.3.1)

PLATFORMS
  ruby

DEPENDENCIES
  em-twitter
  pubnub
